PATH
  remote: .
  specs:
    ubuntu_scrape (0.1.0)

GEM
  remote: https://rubygems.org/
  specs:
    rake (10.5.0)

PLATFORMS
  x64-mingw32

DEPENDENCIES
  bundler (~> 1.17)
  rake (~> 10.0)
  ubuntu_scrape!

BUNDLED WITH
   1.17.3
