PATH
  remote: .
  specs:
    ubuntu_scrape (0.1.0)

GEM
  remote: https://rubygems.org/
  specs:
    rake (13.0.1)

PLATFORMS
  ruby
  x64-mingw32

DEPENDENCIES
  bundler (~> 1.17)
  rake (~> 13.0)
  ubuntu_scrape!

BUNDLED WITH
   1.17.3
